PATH
  remote: .
  specs:
    splice_soundpacks (0.1.0)

GEM
  remote: https://rubygems.org/
  specs:
    rake (10.4.2)

PLATFORMS
  ruby

DEPENDENCIES
  bundler (~> 1.16)
  rake (~> 10.0)
  splice_soundpacks!

BUNDLED WITH
   1.16.5
