PATH
  remote: .
  specs:
    splice_soundpacks (0.1.0)
      nokogiri

GEM
  remote: https://rubygems.org/
  specs:
    coderay (1.1.2)
    diff-lcs (1.3)
    method_source (0.9.0)
    mini_portile2 (2.3.0)
    nokogiri (1.8.4)
      mini_portile2 (~> 2.3.0)
    pry (0.11.3)
      coderay (~> 1.1.0)
      method_source (~> 0.9.0)
    rake (10.4.2)
    rspec (3.8.0)
      rspec-core (~> 3.8.0)
      rspec-expectations (~> 3.8.0)
      rspec-mocks (~> 3.8.0)
    rspec-core (3.8.0)
      rspec-support (~> 3.8.0)
    rspec-expectations (3.8.1)
      diff-lcs (>= 1.2.0, < 2.0)
      rspec-support (~> 3.8.0)
    rspec-mocks (3.8.0)
      diff-lcs (>= 1.2.0, < 2.0)
      rspec-support (~> 3.8.0)
    rspec-support (3.8.0)

PLATFORMS
  ruby

DEPENDENCIES
  bundler (~> 1.16)
  pry
  rake (~> 10.0)
  rspec
  splice_soundpacks!

BUNDLED WITH
   1.16.5
